GIT
  remote: https://github.com/lewagon/middleman-deploy.git
  revision: 4f97af2034d6e7548a172d89a2a37fc263c6c987
  specs:
    middleman-deploy (2.0.0.pre.alpha)
      middleman-core (>= 3.2)
      net-sftp
      ptools

GEM
  remote: https://rubygems.org/
  specs:
    activesupport (5.0.7)
      concurrent-ruby (~> 1.0, >= 1.0.2)
      i18n (>= 0.7, < 2)
      minitest (~> 5.1)
      tzinfo (~> 1.1)
    addressable (2.5.2)
      public_suffix (>= 2.0.2, < 4.0)
    autoprefixer-rails (8.6.5)
      execjs
    backports (3.11.4)
    bootstrap-sass (3.3.7)
      autoprefixer-rails (>= 5.2.1)
      sass (>= 3.3.4)
    byebug (10.0.2)
    cacert (0.5.0)
    coderay (1.1.2)
    coffee-script (2.4.1)
      coffee-script-source
      execjs
    coffee-script-source (1.12.2)
    compass-import-once (1.0.5)
      sass (>= 3.2, < 3.5)
    concurrent-ruby (1.0.5)
    contracts (0.13.0)
    dato (0.6.8)
      activesupport (>= 4.2.7)
      addressable
      cacert
      dotenv
      downloadr
      faraday (>= 0.9.0)
      faraday_middleware (>= 0.9.0)
      fastimage
      imgix (>= 0.3.1)
      json_schema
      listen
      pusher-client
      thor
      toml
    domain_name (0.5.20180417)
      unf (>= 0.0.5, < 1.0.0)
    dotenv (2.5.0)
    downloadr (0.0.41)
      addressable (~> 2.3)
      rest-client (~> 1.7)
    erubis (2.7.0)
    execjs (2.7.0)
    faraday (0.15.3)
      multipart-post (>= 1.2, < 3)
    faraday_middleware (0.12.2)
      faraday (>= 0.7.4, < 1.0)
    fast_blank (1.0.0)
    fastimage (2.1.4)
    ffi (1.9.25)
    font-awesome-sass (5.3.1)
      sassc (>= 1.11)
    haml (5.0.4)
      temple (>= 0.8.0)
      tilt
    hamster (3.0.0)
      concurrent-ruby (~> 1.0)
    hashie (3.6.0)
    http-cookie (1.0.3)
      domain_name (~> 0.5)
    i18n (0.7.0)
    imgix (1.1.0)
      addressable
    jquery-middleman (3.1.2)
      thor (>= 0.14, < 2.0)
    json (2.1.0)
    json_schema (0.19.1)
    kramdown (1.17.0)
    listen (3.0.8)
      rb-fsevent (~> 0.9, >= 0.9.4)
      rb-inotify (~> 0.9, >= 0.9.7)
    memoist (0.16.0)
    method_source (0.9.0)
    middleman (4.2.1)
      coffee-script (~> 2.2)
      compass-import-once (= 1.0.5)
      haml (>= 4.0.5)
      kramdown (~> 1.2)
      middleman-cli (= 4.2.1)
      middleman-core (= 4.2.1)
      sass (>= 3.4.0, < 4.0)
    middleman-autoprefixer (2.9.0)
      autoprefixer-rails (~> 8.0)
      middleman-core (>= 3.3.3)
    middleman-blog (4.0.2)
      addressable (~> 2.3)
      middleman-core (~> 4.0)
      tzinfo (>= 0.3.0)
    middleman-cli (4.2.1)
      thor (>= 0.17.0, < 2.0)
    middleman-core (4.2.1)
      activesupport (>= 4.2, < 5.1)
      addressable (~> 2.3)
      backports (~> 3.6)
      bundler (~> 1.1)
      contracts (~> 0.13.0)
      dotenv
      erubis
      execjs (~> 2.0)
      fast_blank
      fastimage (~> 2.0)
      hamster (~> 3.0)
      hashie (~> 3.4)
      i18n (~> 0.7.0)
      listen (~> 3.0.0)
      memoist (~> 0.14)
      padrino-helpers (~> 0.13.0)
      parallel
      rack (>= 1.4.5, < 3)
      sass (>= 3.4)
      servolux
      tilt (~> 2.0)
      uglifier (~> 3.0)
    middleman-dato (0.8.0)
      activesupport
      dato (>= 0.3.2)
      dotenv
      middleman-core (>= 4.1.10)
    middleman-sprockets (4.1.1)
      middleman-core (~> 4.0)
      sprockets (>= 3.0)
    mime-types (2.99.3)
    minitest (5.11.3)
    multipart-post (2.0.0)
    net-sftp (2.1.2)
      net-ssh (>= 2.6.5)
    net-ssh (5.0.2)
    netrc (0.11.0)
    padrino-helpers (0.13.3.4)
      i18n (~> 0.6, >= 0.6.7)
      padrino-support (= 0.13.3.4)
      tilt (>= 1.4.1, < 3)
    padrino-support (0.13.3.4)
      activesupport (>= 3.1)
    parallel (1.12.1)
    parslet (1.8.2)
    pry (0.11.3)
      coderay (~> 1.1.0)
      method_source (~> 0.9.0)
    pry-byebug (3.6.0)
      byebug (~> 10.0)
      pry (~> 0.10)
    ptools (1.3.5)
    public_suffix (3.0.3)
    pusher-client (0.6.2)
      json
      websocket (~> 1.0)
    rack (2.0.5)
    rake (12.3.1)
    rb-fsevent (0.10.3)
    rb-inotify (0.9.10)
      ffi (>= 0.5.0, < 2)
    redcarpet (3.4.0)
    rest-client (1.8.0)
      http-cookie (>= 1.0.2, < 2.0)
      mime-types (>= 1.16, < 3.0)
      netrc (~> 0.7)
    sass (3.4.25)
    sassc (1.12.1)
      ffi (~> 1.9.6)
      sass (>= 3.3.0)
    servolux (0.13.0)
    sprockets (3.7.2)
      concurrent-ruby (~> 1.0)
      rack (> 1, < 3)
    temple (0.8.0)
    thor (0.20.0)
    thread_safe (0.3.6)
    tilt (2.0.8)
    toml (0.2.0)
      parslet (~> 1.8.0)
    tzinfo (1.2.5)
      thread_safe (~> 0.1)
    uglifier (3.2.0)
      execjs (>= 0.3.0, < 3)
    unf (0.1.4)
      unf_ext
    unf_ext (0.0.7.5)
    websocket (1.2.8)

PLATFORMS
  ruby

DEPENDENCIES
  bootstrap-sass
  font-awesome-sass
  jquery-middleman
  middleman (~> 4.2)
  middleman-autoprefixer (~> 2.7)
  middleman-blog
  middleman-dato
  middleman-deploy!
  middleman-sprockets
  pry-byebug
  rake
  redcarpet (~> 3.3, >= 3.3.3)

BUNDLED WITH
   1.16.4
